GEM
  remote: https://gems.sutty.nl/
  specs:
    activesupport (6.1.7.7)
      concurrent-ruby (~> 1.0, >= 1.0.2)
      i18n (>= 1.6, < 2)
      minitest (>= 5.1)
      tzinfo (~> 2.0)
      zeitwerk (~> 2.3)
    addressable (2.8.6)
      public_suffix (>= 2.0.2, < 6.0)
    bigdecimal (3.1.1)
    climate_control (1.2.0)
    coderay (1.1.3)
    colorator (1.1.0)
    concurrent-ruby (1.1.9)
    csv (3.2.5)
    diff-lcs (1.5.1)
    distributed-press-api-client (0.4.2)
      addressable (~> 2.3, >= 2.3.0)
      climate_control
      dry-schema
      httparty (~> 0.18)
      httparty-cache (~> 0.0.6)
      json (~> 2.1, >= 2.1.0)
      jwt (~> 2.6.0)
    dry-configurable (1.1.0)
      dry-core (~> 1.0, < 2)
      zeitwerk (~> 2.6)
    dry-core (1.0.1)
      concurrent-ruby (~> 1.0)
      zeitwerk (~> 2.6)
    dry-inflector (1.0.0)
    dry-initializer (3.1.1)
    dry-logic (1.5.0)
      concurrent-ruby (~> 1.0)
      dry-core (~> 1.0, < 2)
      zeitwerk (~> 2.6)
    dry-schema (1.13.4)
      concurrent-ruby (~> 1.0)
      dry-configurable (~> 1.0, >= 1.0.1)
      dry-core (~> 1.0, < 2)
      dry-initializer (~> 3.0)
      dry-logic (>= 1.4, < 2)
      dry-types (>= 1.7, < 2)
      zeitwerk (~> 2.6)
    dry-types (1.7.2)
      bigdecimal (~> 3.0)
      concurrent-ruby (~> 1.0)
      dry-core (~> 1.0)
      dry-inflector (~> 1.0)
      dry-logic (~> 1.4)
      zeitwerk (~> 2.6)
    em-websocket (0.5.3)
      eventmachine (>= 0.12.9)
      http_parser.rb (~> 0)
    eventmachine (1.2.7-x86_64-linux-musl)
    faker (2.23.0)
      i18n (>= 1.8.11, < 2)
    ffi (1.16.3-x86_64-linux-musl)
    forwardable-extended (2.6.0)
    google-protobuf (4.27.0-x86_64-linux-musl)
      bigdecimal
      rake (>= 13)
    http_parser.rb (0.8.0-x86_64-linux-musl)
    httparty (0.22.0)
      csv
      mini_mime (>= 1.0.0)
      multi_xml (>= 0.5.2)
    httparty-cache (0.0.6)
      httparty (~> 0.18)
    i18n (1.14.5)
      concurrent-ruby (~> 1.0)
    jekyll (4.3.3)
      addressable (~> 2.4)
      colorator (~> 1.0)
      em-websocket (~> 0.5)
      i18n (~> 1.0)
      jekyll-sass-converter (>= 2.0, < 4.0)
      jekyll-watch (~> 2.0)
      kramdown (~> 2.3, >= 2.3.1)
      kramdown-parser-gfm (~> 1.0)
      liquid (~> 4.0)
      mercenary (>= 0.3.6, < 0.5)
      pathutil (~> 0.9)
      rouge (>= 3.0, < 5.0)
      safe_yaml (~> 1.0)
      terminal-table (>= 1.8, < 4.0)
      webrick (~> 1.7)
    jekyll-activity-pub (0.2.10)
      distributed-press-api-client (~> 0.4.2)
      jekyll (~> 4)
      marcel (~> 1)
    jekyll-linked-posts (0.5.2)
      jekyll (~> 4)
    jekyll-locales (0.2.1)
    jekyll-order (0.1.7)
    jekyll-relative-urls (0.0.6)
      jekyll (~> 4)
    jekyll-sass-converter (3.0.0)
      sass-embedded (~> 1.54)
    jekyll-watch (2.2.1)
      listen (~> 3.0)
    json (2.7.2-x86_64-linux-musl)
    jwt (2.6.0)
    kramdown (2.4.0)
      rexml
    kramdown-parser-gfm (1.1.0)
      kramdown (~> 2.0)
    liquid (4.0.4)
    listen (3.9.0)
      rb-fsevent (~> 0.10, >= 0.10.3)
      rb-inotify (~> 0.9, >= 0.9.10)
    marcel (1.0.4)
    mercenary (0.4.0)
    method_source (1.1.0)
    mini_mime (1.1.5)
    mini_portile2 (2.8.6)
    minitest (5.23.1)
    multi_xml (0.7.1)
      bigdecimal (~> 3.1)
    nokogiri (1.16.5-x86_64-linux-musl)
      mini_portile2 (~> 2.8.2)
      racc (~> 1.4)
    pastel (0.8.0)
      tty-color (~> 0.5)
    pathutil (0.16.2)
      forwardable-extended (~> 2.6)
    pry (0.14.2)
      coderay (~> 1.1)
      method_source (~> 1.0)
    public_suffix (5.0.5)
    racc (1.8.0-x86_64-linux-musl)
    rake (13.2.1)
    rb-fsevent (0.11.2)
    rb-inotify (0.11.1)
      ffi (~> 1.0)
    rexml (3.2.8)
      strscan (>= 3.0.9)
    rouge (4.2.1)
    safe_yaml (1.0.6)
    sass-embedded (1.77.2-x86_64-linux-musl)
      google-protobuf (>= 3.25, < 5.0)
      rake (>= 13.0.0)
    strscan (3.1.0-x86_64-linux-musl)
    sutty-cli (0.3.0rc4)
      activesupport (~> 6.1.3)
      faker (~> 2.14)
      jekyll (~> 4)
      thor (~> 1)
      tty-command (~> 0)
      tty-file (~> 0)
      tty-logger (~> 0)
    terminal-table (3.0.2)
      unicode-display_width (>= 1.1.1, < 3)
    thor (1.3.1)
    tty-color (0.6.0)
    tty-command (0.10.1)
      pastel (~> 0.8)
    tty-cursor (0.7.1)
    tty-file (0.10.0)
      diff-lcs (~> 1.3)
      pastel (~> 0.8)
      tty-prompt (~> 0.22)
    tty-logger (0.6.0)
      pastel (~> 0.8)
    tty-prompt (0.23.1)
      pastel (~> 0.8)
      tty-reader (~> 0.8)
    tty-reader (0.9.0)
      tty-cursor (~> 0.7)
      tty-screen (~> 0.8)
      wisper (~> 2.0)
    tty-screen (0.8.2)
    tzinfo (2.0.6)
      concurrent-ruby (~> 1.0)
    unicode-display_width (2.5.0)
    webrick (1.8.1)
    wisper (2.0.1)
    zeitwerk (2.6.15)

PLATFORMS
  x86_64-linux-musl

DEPENDENCIES
  concurrent-ruby (= 1.1.9)
  jekyll
  jekyll-activity-pub
  jekyll-linked-posts
  jekyll-locales
  jekyll-order
  jekyll-relative-urls
  nokogiri
  pry
  rouge
  sutty-cli (~> 0.3.0rc4)

BUNDLED WITH
   2.3.26
