GEM
  remote: https://gems.sutty.nl/
  specs:
    addressable (2.8.1)
      public_suffix (>= 2.0.2, < 6.0)
    colorator (1.1.0)
    concurrent-ruby (1.1.10)
    distributed-press-api-client (0.1.2)
      httparty (~> 0.18)
    em-websocket (0.5.3)
      eventmachine (>= 0.12.9)
      http_parser.rb (~> 0)
    eventmachine (1.2.7-x86_64-linux-musl)
    ffi (1.15.5-x86_64-linux-musl)
    forwardable-extended (2.6.0)
    http_parser.rb (0.8.0-x86_64-linux-musl)
    httparty (0.20.0)
      mime-types (~> 3.0)
      multi_xml (>= 0.5.2)
    i18n (1.12.0)
      concurrent-ruby (~> 1.0)
    jekyll (4.2.2)
      addressable (~> 2.4)
      colorator (~> 1.0)
      em-websocket (~> 0.5)
      i18n (~> 1.0)
      jekyll-sass-converter (~> 2.0)
      jekyll-watch (~> 2.0)
      kramdown (~> 2.3)
      kramdown-parser-gfm (~> 1.0)
      liquid (~> 4.0)
      mercenary (~> 0.4.0)
      pathutil (~> 0.9)
      rouge (~> 3.0)
      safe_yaml (~> 1.0)
      terminal-table (~> 2.0)
    jekyll-sass-converter (2.2.0)
      sassc (> 2.0.1, < 3.0)
    jekyll-watch (2.2.1)
      listen (~> 3.0)
    kramdown (2.4.0)
      rexml
    kramdown-parser-gfm (1.1.0)
      kramdown (~> 2.0)
    liquid (4.0.3)
    listen (3.7.1)
      rb-fsevent (~> 0.10, >= 0.10.3)
      rb-inotify (~> 0.9, >= 0.9.10)
    mercenary (0.4.0)
    mime-types (3.4.1)
      mime-types-data (~> 3.2015)
    mime-types-data (3.2022.0105)
    multi_xml (0.6.0)
    pathutil (0.16.2)
      forwardable-extended (~> 2.6)
    public_suffix (5.0.0)
    rb-fsevent (0.11.2)
    rb-inotify (0.10.1)
      ffi (~> 1.0)
    rexml (3.2.5)
    rouge (3.30.0)
    safe_yaml (1.0.6)
    sassc (2.4.0-x86_64-linux-musl)
      ffi (~> 1.9)
    terminal-table (2.0.0)
      unicode-display_width (~> 1.1, >= 1.1.1)
    unicode-display_width (1.8.0)

PLATFORMS
  ruby
  x86_64-linux-musl

DEPENDENCIES
  distributed-press-api-client
  jekyll
  rouge

BUNDLED WITH
   2.2.2
